RESTRICTION: || (== net45) (== netstandard2.0)
NUGET
  remote: https://www.nuget.org/api/v2
    Argu (5.2) - restriction: == netstandard2.0
      FSharp.Core (>= 4.3.2) - restriction: == netstandard2.0
      System.Configuration.ConfigurationManager (>= 4.4) - restriction: == netstandard2.0
    FSharp.Core (4.3.2)
    Suave (1.1.3) - restriction: == net45
      FSharp.Core (>= 3.1.2.5)
    System.Buffers (4.5) - restriction: == netstandard2.0
    System.Configuration.ConfigurationManager (4.5) - restriction: == netstandard2.0
      System.Security.Cryptography.ProtectedData (>= 4.5) - restriction: || (&& (== net45) (>= netstandard2.0)) (== netstandard2.0)
      System.Security.Permissions (>= 4.5) - restriction: || (&& (== net45) (>= monoandroid)) (&& (== net45) (>= monotouch)) (&& (== net45) (>= net461)) (&& (== net45) (>= netstandard2.0)) (&& (== net45) (>= xamarintvos)) (&& (== net45) (>= xamarinwatchos)) (== netstandard2.0)
    System.Memory (4.5.2) - restriction: == netstandard2.0
      System.Buffers (>= 4.4)
      System.Numerics.Vectors (>= 4.4) - restriction: || (&& (== net45) (>= net461)) (== netstandard2.0)
      System.Runtime.CompilerServices.Unsafe (>= 4.5.2)
    System.Numerics.Vectors (4.5) - restriction: == netstandard2.0
    System.Runtime.CompilerServices.Unsafe (4.5.2) - restriction: == netstandard2.0
    System.Security.AccessControl (4.5) - restriction: == netstandard2.0
      System.Security.Principal.Windows (>= 4.5) - restriction: || (&& (== net45) (>= net461)) (&& (== net45) (>= netcoreapp2.0)) (&& (== net45) (>= netstandard2.0)) (== netstandard2.0)
    System.Security.Cryptography.ProtectedData (4.5) - restriction: == netstandard2.0
      System.Memory (>= 4.5) - restriction: || (&& (== net45) (>= netstandard2.0)) (== netstandard2.0)
    System.Security.Permissions (4.5) - restriction: == netstandard2.0
      System.Security.AccessControl (>= 4.5) - restriction: || (&& (== net45) (>= net461)) (&& (== net45) (>= netstandard2.0)) (== netstandard2.0)
    System.Security.Principal.Windows (4.5.1) - restriction: == netstandard2.0
