NUGET
  remote: https://www.nuget.org/api/v2
  specs:
    MySql.Data (2.3.4)