NUGET
  remote: bin
  specs:
    Paket.Test.A (1.0.0)
      Paket.Test.B
    Paket.Test.B (1.0.0)
