NUGET
  remote: http://www.nuget.org/api/v2
    FSharp.Compiler.Service (2.0.0.6)
    FSharp.Formatting (2.14.2)
      FSharp.Compiler.Service (2.0.0.6)
      FSharpVSPowerTools.Core (>= 2.3 < 2.4)
    FSharpVSPowerTools.Core (2.3)
      FSharp.Compiler.Service (>= 2.0.0.3)
