NUGET
  remote: https://nuget.org/api/v2
  specs:
    Microsoft.Bcl (1.1.10) - framework: net40
      Microsoft.Bcl.Build (>= 1.0.14)
    Microsoft.Bcl.Async (1.0.168) - framework: net40
      Microsoft.Bcl (>= 1.1.8)
    Microsoft.Bcl.Build (1.0.21) - import_targets: false, framework: net40
    StackExchange.Redis (1.0.481)
      Microsoft.Bcl (>= 1.1.9)
      Microsoft.Bcl.Async (>= 1.0.168)
