NUGET
  remote: https://www.nuget.org/api/v2
  specs:
    MySql.Data (6.9.8)