FRAMEWORK: NET461
NUGET
  remote: https://www.nuget.org/api/v2
    EPPlus (4.0.5)
