NUGET
  remote: https://nuget.org/api/v2
  specs:
    Castle.Core (3.3.3)
    Castle.Windsor (2.5.1)
      Castle.Core (>= 2.5.1)
    Microsoft.AspNet.WebApi.Client (5.2.3)
      Microsoft.Net.Http (>= 2.2.22) - framework: portable-wp80+win+net45+wp81+wpa81
      Newtonsoft.Json (>= 6.0.4) - framework: portable-wp80+win+net45+wp81+wpa81, >= net45
    Microsoft.AspNet.WebApi.Core (5.0.0)
      Microsoft.AspNet.WebApi.Client (>= 5.0.0)
    Microsoft.AspNet.WebApi.SelfHost (5.0.1)
      Microsoft.AspNet.WebApi.Core (>= 5.0.0 < 5.1)
    Microsoft.Bcl (1.1.10) - framework: portable-wp80+win+net45+wp81+wpa81
      Microsoft.Bcl.Build (>= 1.0.14)
    Microsoft.Bcl.Build (1.0.21) - import_targets: false, framework: portable-wp80+win+net45+wp81+wpa81
    Microsoft.Net.Http (2.2.29) - framework: portable-wp80+win+net45+wp81+wpa81
      Microsoft.Bcl (>= 1.1.10)
      Microsoft.Bcl.Build (>= 1.0.14)
    Newtonsoft.Json (7.0.1) - framework: portable-wp80+win+net45+wp81+wpa81, >= net45
    NUnit (2.6.1)
