REDIRECTS: ON
STRATEGY: MAX
FRAMEWORK: >= NET40
NUGET
  remote: https://www.nuget.org/api/v2
    Argu (3.2) - condition: azure
    FSharp.Core (4.0.0.1) - condition: azure
    FsPickler (2.1) - condition: azure
    FsPickler.Json (2.1) - condition: azure
      FsPickler (2.1)
      Newtonsoft.Json (>= 6.0.5)
    Hyak.Common (1.1) - condition: azure
      Microsoft.Bcl (>= 1.1.9) - framework: >= net40-full
      Microsoft.Bcl.Async (>= 1.0.168) - framework: >= net40-full
      Microsoft.Bcl.Build (>= 1.0.14) - framework: >= net40-full
      Microsoft.Net.Http (>= 2.2.22) - framework: >= net40-full
      Newtonsoft.Json (>= 7.0.1) - framework: >= net40-full
    MBrace.Azure (1.4.3) - condition: azure
      Argu (>= 3.0 < 4.0)
      MBrace.Core (>= 1.3 < 1.4)
      MBrace.Runtime (>= 1.3 < 1.4)
      System.Reflection.Metadata
      WindowsAzure.ServiceBus (>= 3.0 < 4.0)
      WindowsAzure.Storage (>= 7.0 < 8.0)
    MBrace.Azure.Management (1.4.3) - condition: azure
      MBrace.Azure (>= 1.4.3)
      MBrace.Core (>= 1.3 < 1.4)
      MBrace.Runtime (>= 1.3 < 1.4)
      Microsoft.Bcl.Async (>= 1.0 < 2.0)
      Microsoft.WindowsAzure.Management.Libraries (>= 2.0 < 3.0)
      Microsoft.WindowsAzure.Management.ServiceBus (>= 0.18.0-prerelease < 1.0.0-prerelease)
      WindowsAzure.ServiceBus (>= 3.0 < 4.0)
      WindowsAzure.Storage (>= 7.0 < 8.0)
    MBrace.Core (1.3.1) - condition: azure
    MBrace.Flow (1.3.1) - condition: azure
      FSharp.Core (>= 3.0)
      MBrace.Core (1.3.1)
      Streams (>= 0.4 < 0.5)
    MBrace.Runtime (1.3.1) - condition: azure
      FsPickler (>= 2.1 < 2.2)
      FsPickler.Json (>= 2.1 < 2.2)
      MBrace.Core (1.3.1)
      Vagabond (>= 0.13.1 < 0.14)
    Microsoft.Azure.Common (2.1) - condition: azure
      Hyak.Common (>= 1.0.2)
      Microsoft.Azure.Common.Dependencies (>= 1.0)
    Microsoft.Azure.Common.Dependencies (1.0) - condition: azure
      Microsoft.Bcl (>= 1.1.9)
      Microsoft.Bcl.Async (>= 1.0.168)
      Microsoft.Bcl.Build (>= 1.0.14)
      Microsoft.Net.Http (>= 2.2.22)
      Newtonsoft.Json (>= 6.0.4)
    Microsoft.Azure.KeyVault.Core (1.0) - condition: azure
    Microsoft.Azure.Management.Compute (13.0.4-prerelease) - condition: azure
      Microsoft.Rest.ClientRuntime.Azure (>= 3.1 < 4.0) - framework: >= net45
    Microsoft.Azure.Management.ResourceManager (1.1.5-preview) - condition: azure
      Microsoft.Rest.ClientRuntime.Azure (>= 3.1 < 4.0) - framework: >= net45
    Microsoft.Azure.Management.Sql (0.49.0-prerelease) - condition: azure
      Microsoft.Azure.Common (>= 2.1 < 3.0)
    Microsoft.Bcl (1.1.10) - condition: azure
      Microsoft.Bcl.Build (>= 1.0.14)
    Microsoft.Bcl.Async (1.0.168) - condition: azure
      Microsoft.Bcl (>= 1.1.8)
    Microsoft.Bcl.Build (1.0.21) - import_targets: false, condition: azure
    Microsoft.Data.Edm (5.7) - condition: azure
    Microsoft.Data.OData (5.7) - condition: azure
      Microsoft.Data.Edm (5.7)
      System.Spatial (5.7)
    Microsoft.Data.Services.Client (5.7) - condition: azure
      Microsoft.Data.OData (5.7)
    Microsoft.Net.Http (2.2.29) - condition: azure
      Microsoft.Bcl (>= 1.1.10)
      Microsoft.Bcl.Build (>= 1.0.14)
    Microsoft.Rest.ClientRuntime (2.3.2) - condition: azure, framework: >= net45
      Newtonsoft.Json (>= 6.0.8) - framework: >= net45
    Microsoft.Rest.ClientRuntime.Azure (3.3.2) - condition: azure
      Microsoft.Rest.ClientRuntime (>= 2.3.2 < 3.0) - framework: >= net45
    Microsoft.WindowsAzure.Common (1.4.1) - condition: azure
      Microsoft.WindowsAzure.Common.Dependencies (>= 1.1.1)
    Microsoft.WindowsAzure.Common.Dependencies (1.1.1) - condition: azure
      Microsoft.Bcl (>= 1.1.9)
      Microsoft.Bcl.Async (>= 1.0.168)
      Microsoft.Bcl.Build (>= 1.0.14)
      Microsoft.Net.Http (>= 2.2.22)
      Newtonsoft.Json (>= 6.0.4)
    Microsoft.WindowsAzure.Management (4.1.1) - condition: azure
      Microsoft.Azure.Common (>= 2.0.4 < 3.0)
    Microsoft.WindowsAzure.Management.Compute (13.0) - condition: azure
      Microsoft.Azure.Common (>= 2.0.4 < 3.0)
    Microsoft.WindowsAzure.Management.Libraries (2.0) - condition: azure
      Microsoft.WindowsAzure.Common (>= 1.3 < 2.0)
      Microsoft.WindowsAzure.Management (>= 2.0)
      Microsoft.WindowsAzure.Management.Compute (>= 5.0)
      Microsoft.WindowsAzure.Management.MediaServices (>= 2.0)
      Microsoft.WindowsAzure.Management.Monitoring (>= 1.0)
      Microsoft.WindowsAzure.Management.Network (>= 3.0)
      Microsoft.WindowsAzure.Management.Scheduler (>= 3.0)
      Microsoft.WindowsAzure.Management.Sql (>= 3.0)
      Microsoft.WindowsAzure.Management.Storage (>= 3.0)
      Microsoft.WindowsAzure.Management.WebSites (>= 3.0)
    Microsoft.WindowsAzure.Management.MediaServices (4.1) - condition: azure
      Microsoft.Azure.Common (>= 2.0.1 < 3.0)
    Microsoft.WindowsAzure.Management.Monitoring (4.1) - condition: azure
      Microsoft.Azure.Common (>= 2.0.1 < 3.0)
    Microsoft.WindowsAzure.Management.Network (8.0) - condition: azure
      Microsoft.Azure.Common (>= 2.1 < 3.0)
    Microsoft.WindowsAzure.Management.Scheduler (6.2) - condition: azure
      Microsoft.Azure.Common (>= 2.0.4 < 3.0)
    Microsoft.WindowsAzure.Management.ServiceBus (0.19.0-preview) - condition: azure
      Microsoft.Azure.Common (>= 2.0.4 < 3.0)
    Microsoft.WindowsAzure.Management.Sql (5.2) - condition: azure
      Microsoft.Azure.Common (>= 2.0.4 < 3.0)
    Microsoft.WindowsAzure.Management.Storage (6.0.1) - condition: azure
      Microsoft.Azure.Common (>= 2.0.4 < 3.0)
    Microsoft.WindowsAzure.Management.WebSites (4.0) - condition: azure
      Microsoft.WindowsAzure.Common (>= 1.3 < 2.0)
    Mono.Cecil (0.9.6.4) - condition: azure
    Newtonsoft.Json (9.0.1) - condition: azure
    Streams (0.4.1) - condition: azure
    System.Collections.Immutable (1.2) - condition: azure, framework: >= net45
    System.Reflection.Metadata (1.3) - condition: azure
      System.Collections.Immutable (>= 1.2) - framework: >= net45
    System.Spatial (5.7) - condition: azure
    Vagabond (0.13.1) - condition: azure
      FsPickler (>= 2.1 < 2.2)
      Mono.Cecil (>= 0.9.6.3 < 0.9.7)
    WindowsAzure.ServiceBus (3.3.2) - condition: azure
    WindowsAzure.Storage (7.2) - condition: azure
      Microsoft.Azure.KeyVault.Core (>= 1.0)
      Microsoft.Data.OData (>= 5.6.4)
      Microsoft.Data.Services.Client (>= 5.6.4)
      Newtonsoft.Json (>= 6.0.8)
