STORAGE: NONE
RESTRICTION: || (== netcoreapp2.1) (== netstandard2.0)
NUGET
  remote: https://api.nuget.org/v3/index.json
    FSharp.Core (4.6.2)
