RESTRICTION: == netstandard2.0
NUGET
  remote: https://api.nuget.org/v3/index.json
    Argu (5.1)
      FSharp.Core (>= 4.3.2)
      System.Configuration.ConfigurationManager (>= 4.4)
    FSharp.Core (4.6.2)
    System.Buffers (4.5)
    System.Configuration.ConfigurationManager (4.5)
      System.Security.Cryptography.ProtectedData (>= 4.5)
      System.Security.Permissions (>= 4.5)
    System.Memory (4.5.3)
      System.Buffers (>= 4.4)
      System.Numerics.Vectors (>= 4.4)
      System.Runtime.CompilerServices.Unsafe (>= 4.5.2)
    System.Numerics.Vectors (4.5)
    System.Runtime.CompilerServices.Unsafe (4.5.2)
    System.Security.AccessControl (4.5)
      System.Security.Principal.Windows (>= 4.5)
    System.Security.Cryptography.ProtectedData (4.5)
      System.Memory (>= 4.5)
    System.Security.Permissions (4.5)
      System.Security.AccessControl (>= 4.5)
    System.Security.Principal.Windows (4.5.1)
